GEM
  remote: http://rubygems.org/
  specs:
    activesupport (5.2.8.1)
      concurrent-ruby (~> 1.0, >= 1.0.2)
      i18n (>= 0.7, < 2)
      minitest (~> 5.1)
      tzinfo (~> 1.1)
    builder (3.2.4)
    concurrent-ruby (1.2.2)
    dry-core (1.0.0)
      concurrent-ruby (~> 1.0)
      zeitwerk (~> 2.6)
    dry-inflector (1.0.0)
    dry-logic (1.5.0)
      concurrent-ruby (~> 1.0)
      dry-core (~> 1.0, < 2)
      zeitwerk (~> 2.6)
    dry-types (1.7.1)
      concurrent-ruby (~> 1.0)
      dry-core (~> 1.0)
      dry-inflector (~> 1.0)
      dry-logic (~> 1.4)
      zeitwerk (~> 2.6)
    grape (1.7.0)
      activesupport
      builder
      dry-types (>= 1.1)
      mustermann-grape (~> 1.0.0)
      rack (>= 1.3.0)
      rack-accept
    i18n (1.12.0)
      concurrent-ruby (~> 1.0)
    minitest (5.18.0)
    mondrian-olap (0.8.0)
      nokogiri
    mondrian-rest (1.0.4-java)
      activesupport (~> 5.1, >= 5.1.5)
      grape (~> 1.2, >= 1.2.3)
      mondrian-olap (~> 0.8.0)
      writeexcel (~> 1.0, >= 1.0.5)
    mustermann (3.0.0)
      ruby2_keywords (~> 0.0.1)
    mustermann-grape (1.0.2)
      mustermann (>= 1.0.0)
    nio4r (2.5.9-java)
    nokogiri (1.14.3-java)
      racc (~> 1.4)
    puma (4.3.12-java)
      nio4r (~> 2.0)
    racc (1.6.2-java)
    rack (3.0.7)
    rack-accept (0.4.5)
      rack (>= 0.4)
    rack-cors (2.0.1)
      rack (>= 2.0.0)
    ruby2_keywords (0.0.5)
    thread_safe (0.3.6-java)
    tzinfo (1.2.11)
      thread_safe (~> 0.1)
    writeexcel (1.0.5)
    zeitwerk (2.6.7)

PLATFORMS
  java
  ruby

DEPENDENCIES
  mondrian-rest
  puma
  rack-cors

BUNDLED WITH
   1.11.2
