GIT
  remote: https://github.com/jazzido/mondrian-rest.git
  revision: 9cccc82285379658f7a8024364a56dc265e20943
  branch: public
  specs:
    mondrian-rest (0.5.0-java)
      grape (~> 0.14.0)
      mondrian-olap (~> 0.7.0)
      writeexcel (~> 1.0, >= 1.0.5)

GEM
  remote: http://rubygems.org/
  specs:
    activesupport (4.2.5.2)
      i18n (~> 0.7)
      json (~> 1.7, >= 1.7.7)
      minitest (~> 5.1)
      thread_safe (~> 0.3, >= 0.3.4)
      tzinfo (~> 1.1)
    axiom-types (0.1.1)
      descendants_tracker (~> 0.0.4)
      ice_nine (~> 0.11.0)
      thread_safe (~> 0.3, >= 0.3.1)
    builder (3.2.2)
    coercible (1.0.0)
      descendants_tracker (~> 0.0.1)
    descendants_tracker (0.0.4)
      thread_safe (~> 0.3, >= 0.3.1)
    equalizer (0.0.11)
    grape (0.14.0)
      activesupport
      builder
      hashie (>= 2.1.0)
      multi_json (>= 1.3.2)
      multi_xml (>= 0.5.2)
      rack (>= 1.3.0)
      rack-accept
      rack-mount
      virtus (>= 1.0.0)
    hashie (3.4.3)
    i18n (0.7.0)
    ice_nine (0.11.2)
    json (1.8.3-java)
    minitest (5.8.4)
    mondrian-olap (0.7.0)
      nokogiri
    multi_json (1.11.2)
    multi_xml (0.5.5)
    nokogiri (1.6.7.2-java)
    puma (3.0.2-java)
    rack (1.6.4)
    rack-accept (0.4.5)
      rack (>= 0.4)
    rack-mount (0.8.3)
      rack (>= 1.0.0)
    thread_safe (0.3.5-java)
    tzinfo (1.2.2)
      thread_safe (~> 0.1)
    virtus (1.0.5)
      axiom-types (~> 0.1)
      coercible (~> 1.0)
      descendants_tracker (~> 0.0, >= 0.0.3)
      equalizer (~> 0.0, >= 0.0.9)
    writeexcel (1.0.5)

PLATFORMS
  java

DEPENDENCIES
  mondrian-rest!
  puma

BUNDLED WITH
   1.11.2
